GEM
  remote: https://rubygems.org/
  specs:
    emplace (0.1.9)

PLATFORMS
  ruby

DEPENDENCIES
  emplace

BUNDLED WITH
   1.10.6
