GEM
  remote: https://rubygems.org/
  specs:
    emplace (0.3.0)
    power_assert (0.2.6)
    rake (13.0.1)
    test-unit (3.1.5)
      power_assert

PLATFORMS
  ruby
  x64-mingw32

DEPENDENCIES
  emplace (~> 0.3.0)
  rake (>= 12.3.3)
  test-unit

BUNDLED WITH
   2.1.4
