GEM
  remote: https://rubygems.org/
  specs:
    emplace (0.2.0)

PLATFORMS
  ruby

DEPENDENCIES
  emplace (~> 0.2)

BUNDLED WITH
   1.11.2
