GEM
  remote: https://rubygems.org/
  specs:
    emplace (0.2.1)

PLATFORMS
  ruby
  x64-mingw32

DEPENDENCIES
  emplace (~> 0.2.1)

BUNDLED WITH
   1.11.2
